GEM
  remote: http://rubygems.org/
  specs:
    apipie-bindings (0.0.8)
      awesome_print
      json (>= 1.2.1)
      mime-types (~> 1.0)
      oauth
      rest-client (>= 1.6.1)
    awesome_print (1.2.0)
    diff-lcs (1.2.5)
    json (1.8.1)
    mime-types (1.25.1)
    oauth (0.4.7)
    rake (10.1.1)
    rest-client (1.6.7)
      mime-types (>= 1.16)
    rspec (2.14.1)
      rspec-core (~> 2.14.0)
      rspec-expectations (~> 2.14.0)
      rspec-mocks (~> 2.14.0)
    rspec-core (2.14.8)
    rspec-expectations (2.14.5)
      diff-lcs (>= 1.1.3, < 2.0)
    rspec-mocks (2.14.6)

PLATFORMS
  ruby

DEPENDENCIES
  apipie-bindings
  rake
  rspec
