GEM
  remote: http://rubygems.org/
  specs:
    apipie-bindings (0.0.8)
      awesome_print
      json (>= 1.2.1)
      mime-types (~> 1.0)
      oauth
      rest-client (>= 1.6.1)
    awesome_print (1.2.0)
    diff-lcs (1.2.5)
    json (1.8.1)
    mime-types (1.25.1)
    oauth (0.4.7)
    rake (10.3.2)
    rest-client (1.6.7)
      mime-types (>= 1.16)
    rspec (3.0.0)
      rspec-core (~> 3.0.0)
      rspec-expectations (~> 3.0.0)
      rspec-mocks (~> 3.0.0)
    rspec-core (3.0.0)
      rspec-support (~> 3.0.0)
    rspec-expectations (3.0.0)
      diff-lcs (>= 1.2.0, < 2.0)
      rspec-support (~> 3.0.0)
    rspec-mocks (3.0.0)
      rspec-support (~> 3.0.0)
    rspec-support (3.0.0)

PLATFORMS
  ruby

DEPENDENCIES
  apipie-bindings
  rake
  rspec
