GEM
  remote: http://rubygems.org/
  specs:
    apipie-bindings (0.0.8)
      awesome_print
      json (>= 1.2.1)
      mime-types (~> 1.0)
      oauth
      rest-client (>= 1.6.1)
    awesome_print (1.2.0)
    json (1.8.1)
    mime-types (1.25.1)
    oauth (0.4.7)
    rest-client (1.6.7)
      mime-types (>= 1.16)

PLATFORMS
  ruby

DEPENDENCIES
  apipie-bindings
